NUGET
  remote: https://nuget.org/api/v2
  specs:
    AWSSDK.Core (3.1.3.6)
      Microsoft.Net.Http (>= 2.2.29) - framework: portable-net45+win+wpa81+wp80+MonoAndroid10+xamarinios10+MonoTouch10
      PCLCrypto (>= 1.0.2.15130) - framework: portable-net45+win+wpa81+wp80+MonoAndroid10+xamarinios10+MonoTouch10
      PCLStorage (>= 1.0.2) - framework: portable-net45+win+wpa81+wp80+MonoAndroid10+xamarinios10+MonoTouch10
    AWSSDK.DynamoDBv2 (3.1.1.1)
      AWSSDK.Core (>= 3.1.2.1 < 3.2)
    AWSSDK.S3 (3.1.3.1)
      AWSSDK.Core (>= 3.1.2.1 < 3.2)
    AWSSDK.SQS (3.1.0.2)
      AWSSDK.Core (>= 3.1.2.1 < 3.2)
    FAKE (4.7.2)
    FsCheck (2.2.2)
      FSharp.Core (>= 3.1.2.5)
    FSharp.Compiler.Service (1.4.0.6)
    FSharp.Core (4.0.0.1)
    FSharp.Formatting (2.12.0)
      FSharp.Compiler.Service (1.4.0.6)
      FSharpVSPowerTools.Core (2.1.0)
    FSharpVSPowerTools.Core (2.1.0)
      FSharp.Compiler.Service (>= 1.4.0.6)
    FsPickler (1.5.2)
    FsPickler.Json (1.5.2)
      FsPickler (1.5.2)
      Newtonsoft.Json (>= 6.0.5)
    MBrace.Core (1.0.0)
    MBrace.Flow (1.0.0)
      FSharp.Core
      MBrace.Core (1.0.0)
      Streams (>= 0.4.0 < 0.5.0)
    MBrace.Runtime (1.0.0)
      FsPickler (>= 1.5.0 < 1.6.0)
      FsPickler.Json (>= 1.5.0 < 1.6.0)
      MBrace.Core (1.0.0)
      Vagabond (>= 0.12.0 < 0.13.0)
    MBrace.Tests (1.0.0)
      FsCheck (>= 2.0.1)
      MBrace.Core (1.0.0)
      MBrace.Flow (1.0.0)
      NUnit (>= 2.6.3)
    Microsoft.Bcl (1.1.10)
      Microsoft.Bcl.Build (>= 1.0.14)
    Microsoft.Bcl.Async (1.0.168)
      Microsoft.Bcl (>= 1.1.8)
    Microsoft.Bcl.Build (1.0.21)
    Microsoft.Net.Http (2.2.29) - framework: portable-net45+win+wpa81+wp80+monoandroid10+xamarinios10+monotouch10
      Microsoft.Bcl (>= 1.1.10)
      Microsoft.Bcl.Build (>= 1.0.14)
    Mono.Cecil (0.9.6.1)
    Mono.Security (3.2.3.0) - framework: >= net40
    Newtonsoft.Json (7.0.1)
    NUnit (2.6.4)
    NUnit.Runners (2.6.4)
    Octokit (0.16.0)
      Microsoft.Net.Http
    PCLCrypto (1.0.86) - framework: portable-net45+win+wpa81+wp80+monoandroid10+xamarinios10+monotouch10
      Mono.Security (>= 3.2.3.0 < 4.0) - framework: >= net40
      Validation (>= 2.0.6 < 3.0)
    PCLStorage (1.0.2) - framework: portable-net45+win+wpa81+wp80+monoandroid10+xamarinios10+monotouch10
      Microsoft.Bcl (>= 1.1.6)
      Microsoft.Bcl.Async (>= 1.0.165)
    SourceLink.Fake (1.1.0)
    Streams (0.4.1)
    System.Collections (4.0.10)
      System.Diagnostics.Debug (>= 4.0.0)
      System.Resources.ResourceManager (>= 4.0.0)
      System.Runtime (>= 4.0.0)
      System.Runtime (>= 4.0.20)
      System.Runtime.Extensions (>= 4.0.0)
      System.Threading (>= 4.0.0)
    System.Diagnostics.Debug (4.0.10)
      System.Runtime (>= 4.0.0)
    System.Diagnostics.Tools (4.0.0)
      System.Runtime (>= 4.0.0)
    System.Globalization (4.0.10)
      System.Runtime (>= 4.0.0)
    System.IO (4.0.10)
      System.Globalization (>= 4.0.0)
      System.Runtime (>= 4.0.20)
      System.Text.Encoding (>= 4.0.0)
      System.Text.Encoding (>= 4.0.10)
      System.Text.Encoding.Extensions (>= 4.0.0)
      System.Threading (>= 4.0.0)
      System.Threading.Tasks (>= 4.0.0)
    System.Linq (4.0.0)
      System.Collections (>= 4.0.10)
      System.Diagnostics.Debug (>= 4.0.10)
      System.Resources.ResourceManager (>= 4.0.0)
      System.Runtime (>= 4.0.20)
      System.Runtime.Extensions (>= 4.0.10)
    System.Private.Uri (4.0.0)
    System.Reflection (4.0.10)
      System.IO (>= 4.0.0)
      System.Reflection.Primitives (>= 4.0.0)
      System.Runtime (>= 4.0.20)
    System.Reflection.Primitives (4.0.0)
      System.Runtime (>= 4.0.0)
      System.Threading (>= 4.0.0)
    System.Resources.ResourceManager (4.0.0)
      System.Globalization (>= 4.0.0)
      System.Reflection (>= 4.0.0)
      System.Reflection (>= 4.0.10)
      System.Runtime (>= 4.0.0)
      System.Runtime (>= 4.0.20)
    System.Runtime (4.0.20)
      System.Private.Uri (>= 4.0.0)
    System.Runtime.Extensions (4.0.10)
      System.Runtime (>= 4.0.20)
    System.Text.Encoding (4.0.10)
      System.Runtime (>= 4.0.0)
    System.Text.Encoding.Extensions (4.0.10)
      System.Runtime (>= 4.0.0)
      System.Text.Encoding (>= 4.0.10)
    System.Threading (4.0.10)
      System.Runtime (>= 4.0.0)
      System.Threading.Tasks (>= 4.0.0)
    System.Threading.Tasks (4.0.10)
      System.Runtime (>= 4.0.0)
    Vagabond (0.12.0)
      FsPickler (>= 1.5.0 < 2.0.0)
      Mono.Cecil (>= 0.9.6.1 < 0.9.7)
    Validation (2.2.8)
      System.Diagnostics.Debug (>= 4.0.0)
      System.Diagnostics.Tools (>= 4.0.0)
      System.Globalization (>= 4.0.0)
      System.Linq (>= 4.0.0)
      System.Reflection (>= 4.0.0)
      System.Resources.ResourceManager (>= 4.0.0)
      System.Runtime (>= 4.0.0)
      System.Threading.Tasks (>= 4.0.0)
GITHUB
  remote: fsharp/FAKE
  specs:
    modules/Octokit/Octokit.fsx (35561a758d7a299e57832375cad11ad6213e70c8)
      Octokit