REDIRECTS: ON
NUGET
  remote: https://www.nuget.org/api/v2
  specs:
    Argu (2.1)
    AWSSDK.Core (3.1.5.1)
      Microsoft.Net.Http (>= 2.2.29) - framework: portable-net45+win8+wp8+wpa81
      PCLCrypto (>= 1.0.2.15130) - framework: portable-net45+win8+wp8+wpa81
      PCLStorage (>= 1.0.2) - framework: portable-net45+win8+wp8+wpa81
    AWSSDK.DynamoDBv2 (3.1.3)
      AWSSDK.Core (>= 3.1.4.3 < 3.2.0)
    AWSSDK.S3 (3.1.3.13)
      AWSSDK.Core (>= 3.1.4.3 < 3.2.0)
    AWSSDK.SQS (3.1.0.6)
      AWSSDK.Core (>= 3.1.4.3 < 3.2.0)
    FAKE (4.22.2)
    FsCheck (2.2.4)
      FSharp.Core (>= 3.1.2.5)
    FSharp.AWS.DynamoDB (0.1.1-beta)
      AWSSDK.DynamoDBv2 (>= 3.1.1.5)
      Unquote (>= 3.1.1)
    FSharp.Compiler.Service (2.0.0.6)
    FSharp.Core (4.0.0.1)
    FSharp.Formatting (2.14.0)
      FSharp.Compiler.Service (>= 2.0.0.3 < 2.1.0)
      FSharpVSPowerTools.Core (>= 2.3.0 < 2.4.0)
    FSharpVSPowerTools.Core (2.3.0)
      FSharp.Compiler.Service (>= 2.0.0.3)
    FsPickler (1.8.1)
    FsPickler.Json (1.8.1)
      FsPickler (1.8.1)
      Newtonsoft.Json (>= 6.0.5)
    MBrace.Core (1.1.5)
    MBrace.Flow (1.1.5)
      FSharp.Core (>= 3.0.0)
      MBrace.Core (1.1.5)
      Streams (>= 0.4.0 < 0.5.0)
    MBrace.Runtime (1.1.5)
      FsPickler (>= 1.8.0 < 1.9.0)
      FsPickler.Json (>= 1.8.0 < 1.9.0)
      MBrace.Core (1.1.5)
      Vagabond (>= 0.12.7 < 0.13.0)
    MBrace.Tests (1.1.5)
      FsCheck (>= 2.0.1)
      MBrace.Core (1.1.5)
      MBrace.Flow (1.1.5)
      NUnit (>= 2.6.0 < 3.0.0)
    Microsoft.Bcl (1.1.10) - framework: net10, net11, net20, net30, net35, net40, net40, portable-net45+win8+wp8+wpa81
      Microsoft.Bcl.Build (>= 1.0.14)
    Microsoft.Bcl.Async (1.0.168) - framework: portable-net45+win8+wp8+wpa81
      Microsoft.Bcl (>= 1.1.8)
    Microsoft.Bcl.Build (1.0.21) - import_targets: false, framework: net10, net11, net20, net30, net35, net40, net40, portable-net45+win8+wp8+wpa81
    Microsoft.Net.Http (2.2.29) - framework: net10, net11, net20, net30, net35, net40, net40, portable-net45+win8+wp8+wpa81
      Microsoft.Bcl (>= 1.1.10)
      Microsoft.Bcl.Build (>= 1.0.14)
    Mono.Cecil (0.9.6.1)
    Mono.Security (3.2.3)
    Newtonsoft.Json (8.0.3)
    NuGet.CommandLine (3.3.0)
    NUnit (2.6.4)
    NUnit.ConsoleRunner (3.2.0)
    NUnit.Extension.NUnitProjectLoader (3.2.0)
    NUnit.Extension.NUnitV2Driver (3.2.0)
    NUnit.Extension.NUnitV2ResultWriter (3.2.0)
    NUnit.Extension.VSProjectLoader (3.2.0)
    NUnit.Runners (3.2.0)
      NUnit.ConsoleRunner (3.2.0)
      NUnit.Extension.NUnitProjectLoader (3.2.0)
      NUnit.Extension.NUnitV2Driver (3.2.0)
      NUnit.Extension.NUnitV2ResultWriter (3.2.0)
      NUnit.Extension.VSProjectLoader (3.2.0)
    Octokit (0.19.0)
      Microsoft.Net.Http  - framework: net10, net11, net20, net30, net35, net40, net40
    PCLCrypto (1.0.86) - framework: portable-net45+win8+wp8+wpa81
      Mono.Security (>= 3.2.3.0 < 4.0) - framework: >= net40
      Validation (>= 2.0.6 < 3.0)
    PCLStorage (1.0.2) - framework: portable-net45+win8+wp8+wpa81
      Microsoft.Bcl (>= 1.1.6)
      Microsoft.Bcl.Async (>= 1.0.165)
    SourceLink.Fake (1.1.0)
    Streams (0.4.1)
    System.Collections (4.0.10) - framework: dnxcore50
      System.Diagnostics.Debug (>= 4.0.0) - framework: dnxcore50
      System.Resources.ResourceManager (>= 4.0.0) - framework: dnxcore50
      System.Runtime (>= 4.0.0) - framework: dnxcore50
      System.Runtime (>= 4.0.20) - framework: dnxcore50
      System.Runtime.Extensions (>= 4.0.0) - framework: dnxcore50
      System.Threading (>= 4.0.0) - framework: dnxcore50
    System.Diagnostics.Debug (4.0.10)
      System.Runtime (>= 4.0.0) - framework: dnxcore50
    System.Diagnostics.Tools (4.0.0)
      System.Runtime (>= 4.0.0) - framework: dnxcore50
    System.Globalization (4.0.10)
      System.Runtime (>= 4.0.0) - framework: dnxcore50
    System.IO (4.0.10) - framework: dnxcore50
      System.Globalization (>= 4.0.0) - framework: dnxcore50
      System.Runtime (>= 4.0.20) - framework: dnxcore50
      System.Text.Encoding (>= 4.0.0) - framework: dnxcore50
      System.Text.Encoding (>= 4.0.10) - framework: dnxcore50
      System.Text.Encoding.Extensions (>= 4.0.0) - framework: dnxcore50
      System.Threading (>= 4.0.0) - framework: dnxcore50
      System.Threading.Tasks (>= 4.0.0) - framework: dnxcore50
    System.Linq (4.0.0)
      System.Collections (>= 4.0.10) - framework: dnxcore50
      System.Diagnostics.Debug (>= 4.0.10) - framework: dnxcore50
      System.Resources.ResourceManager (>= 4.0.0) - framework: dnxcore50
      System.Runtime (>= 4.0.20) - framework: dnxcore50
      System.Runtime.Extensions (>= 4.0.10) - framework: dnxcore50
    System.Private.Uri (4.0.0) - framework: dnxcore50
    System.Reflection (4.0.10)
      System.IO (>= 4.0.0) - framework: dnxcore50
      System.Reflection.Primitives (>= 4.0.0) - framework: dnxcore50
      System.Runtime (>= 4.0.20) - framework: dnxcore50
    System.Reflection.Primitives (4.0.0) - framework: dnxcore50
      System.Runtime (>= 4.0.0) - framework: dnxcore50
      System.Threading (>= 4.0.0) - framework: dnxcore50
    System.Resources.ResourceManager (4.0.0)
      System.Globalization (>= 4.0.0) - framework: dnxcore50
      System.Reflection (>= 4.0.0) - framework: dnxcore50
      System.Reflection (>= 4.0.10) - framework: dnxcore50
      System.Runtime (>= 4.0.0) - framework: dnxcore50
      System.Runtime (>= 4.0.20) - framework: dnxcore50
    System.Runtime (4.0.20)
      System.Private.Uri (>= 4.0.0) - framework: dnxcore50
    System.Runtime.Extensions (4.0.10) - framework: dnxcore50
      System.Runtime (>= 4.0.20) - framework: dnxcore50
    System.Text.Encoding (4.0.10) - framework: dnxcore50
      System.Runtime (>= 4.0.0) - framework: dnxcore50
    System.Text.Encoding.Extensions (4.0.10) - framework: dnxcore50
      System.Runtime (>= 4.0.0) - framework: dnxcore50
      System.Text.Encoding (>= 4.0.10) - framework: dnxcore50
    System.Threading (4.0.10) - framework: dnxcore50
      System.Runtime (>= 4.0.0) - framework: dnxcore50
      System.Threading.Tasks (>= 4.0.0) - framework: dnxcore50
    System.Threading.Tasks (4.0.10)
      System.Runtime (>= 4.0.0) - framework: dnxcore50
    Unquote (3.1.1)
    Vagabond (0.12.7)
      FsPickler (>= 1.8.0 < 1.9.0)
      Mono.Cecil (>= 0.9.6.1 < 0.9.7)
    Validation (2.2.8) - framework: portable-net45+win8+wp8+wpa81
      System.Diagnostics.Debug (>= 4.0.0) - framework: dnxcore50
      System.Diagnostics.Tools (>= 4.0.0) - framework: dnxcore50
      System.Globalization (>= 4.0.0) - framework: dnxcore50
      System.Linq (>= 4.0.0) - framework: dnxcore50
      System.Reflection (>= 4.0.0) - framework: dnxcore50
      System.Resources.ResourceManager (>= 4.0.0) - framework: dnxcore50
      System.Runtime (>= 4.0.0) - framework: dnxcore50
      System.Threading.Tasks (>= 4.0.0) - framework: dnxcore50
GITHUB
  remote: fsharp/FAKE
  specs:
    modules/Octokit/Octokit.fsx (b7630d6e9bdb7caf7640ac38ca4166d9d7717d59)
      Octokit