REDIRECTS: ON
FRAMEWORK: >= NET45
NUGET
  remote: https://www.nuget.org/api/v2
  specs:
    Argu (2.1)
    AWSSDK.Core (3.1.6)
    AWSSDK.DynamoDBv2 (3.1.4.1)
      AWSSDK.Core (>= 3.1.6 < 3.2)
    AWSSDK.S3 (3.1.6.2)
      AWSSDK.Core (>= 3.1.6 < 3.2)
    AWSSDK.SQS (3.1.0.8)
      AWSSDK.Core (>= 3.1.6 < 3.2)
    FsCheck (2.4)
      FSharp.Core (>= 3.1.2.5)
    FSharp.AWS.DynamoDB (0.3.1-beta)
      AWSSDK.DynamoDBv2 (>= 3.1.4)
      Unquote (>= 3.1.1)
    FSharp.Compiler.Service (1.3.1.2)
    FSharp.Core (4.0.0.1)
    FsPickler (2.1)
    FsPickler.Json (2.1)
      FsPickler (2.1)
      Newtonsoft.Json (>= 6.0.5)
    MathNet.Numerics (3.7.1)
    MathNet.Numerics.FSharp (3.7.1)
      FSharp.Core (>= 3.1.2.1)
      MathNet.Numerics (3.7.1)
    MathNet.Numerics.MKL.Win-x64 (1.8)
      MathNet.Numerics (>= 2.4)
    MBrace.Core (1.2.4)
    MBrace.Flow (1.2.4)
      FSharp.Core (>= 3.0)
      MBrace.Core (1.2.4)
      Streams (>= 0.4 < 0.5)
    MBrace.Runtime (1.2.4)
      FsPickler (>= 2.1 < 2.2)
      FsPickler.Json (>= 2.1 < 2.2)
      MBrace.Core (1.2.4)
      Vagabond (>= 0.13 < 0.14)
    MBrace.Tests (1.2.4)
      FsCheck (>= 2.0.1)
      MBrace.Core (1.2.4)
      MBrace.Flow (1.2.4)
      NUnit (>= 2.6 < 3.0)
    Microsoft.Owin (3.0.1) - version_in_path: true
      Owin (>= 1.0)
    Microsoft.Owin.Host.SystemWeb (3.0.1)
      Microsoft.Owin (>= 3.0.1)
      Owin (>= 1.0)
    Mono.Cecil (0.9.6.1)
    Newtonsoft.Json (8.0.3)
    NUnit (2.6.4)
    NUnit.Runners (2.6.4)
    Owin (1.0) - version_in_path: true
    Streams (0.4.1)
    Unquote (3.1.1)
    Vagabond (0.13)
      FsPickler (>= 2.1 < 3.0)
      Mono.Cecil (>= 0.9.6.1 < 0.9.7)

GROUP Build
NUGET
  remote: https://www.nuget.org/api/v2
  specs:
    FAKE (4.28)
    Microsoft.Bcl (1.1.10) - framework: net10, net11, net20, net30, net35, net40, net40-full
      Microsoft.Bcl.Build (>= 1.0.14)
    Microsoft.Bcl.Build (1.0.21) - import_targets: false, framework: net10, net11, net20, net30, net35, net40, net40-full
    Microsoft.Net.Http (2.2.29) - framework: net10, net11, net20, net30, net35, net40, net40-full
      Microsoft.Bcl (>= 1.1.10)
      Microsoft.Bcl.Build (>= 1.0.14)
    NuGet.CommandLine (3.4.3)
    Octokit (0.19)
      Microsoft.Net.Http  - framework: net10, net11, net20, net30, net35, net40, net40-full
    SourceLink.Fake (1.1)
GITHUB
  remote: fsharp/FAKE
  specs:
    modules/Octokit/Octokit.fsx (60acb2f035cb39f2bd40a6c58a4de10d915da248)
      Octokit