REDIRECTS: ON
NUGET
  remote: https://www.nuget.org/api/v2
  specs:
    Argu (2.1)
    AWSSDK.Core (3.1.5.3)
    AWSSDK.DynamoDBv2 (3.1.3)
      AWSSDK.Core (>= 3.1.4.3 < 3.2)
    AWSSDK.S3 (3.1.6)
      AWSSDK.Core (>= 3.1.5.3 < 3.2)
    AWSSDK.SQS (3.1.0.6)
      AWSSDK.Core (>= 3.1.4.3 < 3.2)
    FAKE (4.25.5)
    FsCheck (2.4)
      FSharp.Core (>= 3.1.2.5)
    FSharp.AWS.DynamoDB (0.3.0-beta)
      AWSSDK.DynamoDBv2 (>= 3.1.1.5)
      Unquote (>= 3.1.1)
    FSharp.Compiler.Service (1.3.1.2)
    FSharp.Core (4.0.0.1)
    FSharp.Formatting (2.10)
      FSharp.Compiler.Service (>= 0.0.87)
      FSharpVSPowerTools.Core (1.8)
    FSharpVSPowerTools.Core (1.8)
      FSharp.Compiler.Service (>= 0.0.87)
    FsPickler (2.1)
    FsPickler.Json (2.1)
      FsPickler (2.1)
      Newtonsoft.Json (>= 6.0.5)
    MathNet.Numerics (3.7.1)
      TaskParallelLibrary (>= 1.0.2856) - framework: net35
    MathNet.Numerics.FSharp (3.7.1)
      FSharp.Core (>= 3.1.2.1)
      MathNet.Numerics (3.7.1)
    MathNet.Numerics.MKL.Win-x64 (1.8)
      MathNet.Numerics (>= 2.4)
    MBrace.Core (1.1.8)
    MBrace.Flow (1.1.8)
      FSharp.Core (>= 3.0)
      MBrace.Core (1.1.8)
      Streams (>= 0.4 < 0.5)
    MBrace.Runtime (1.1.8)
      FsPickler (>= 2.1 < 2.2)
      FsPickler.Json (>= 2.1 < 2.2)
      MBrace.Core (1.1.8)
      Vagabond (>= 0.12.11 < 0.13)
    MBrace.Tests (1.1.8)
      FsCheck (>= 2.0.1)
      MBrace.Core (1.1.8)
      MBrace.Flow (1.1.8)
      NUnit (>= 2.6 < 3.0)
    Microsoft.Bcl (1.1.10) - framework: net10, net11, net20, net30, net35, net40, net40-full
      Microsoft.Bcl.Build (>= 1.0.14)
    Microsoft.Bcl.Build (1.0.21) - import_targets: false, framework: net10, net11, net20, net30, net35, net40, net40-full
    Microsoft.CodeDom.Providers.DotNetCompilerPlatform (1.0) - framework: >= net452
      Microsoft.Net.Compilers (>= 1.0)
    Microsoft.Net.Compilers (1.0) - framework: >= net452
    Microsoft.Net.Http (2.2.29) - framework: net10, net11, net20, net30, net35, net40, net40-full
      Microsoft.Bcl (>= 1.1.10)
      Microsoft.Bcl.Build (>= 1.0.14)
    Microsoft.Owin (3.0.1)
      Owin (>= 1.0)
    Microsoft.Owin.Host.SystemWeb (3.0.1)
      Microsoft.Owin (>= 3.0.1)
      Owin (>= 1.0)
    Mono.Cecil (0.9.6.1)
    Newtonsoft.Json (8.0.3)
    NuGet.CommandLine (3.4.3)
    NUnit (2.6.4)
    NUnit.ConsoleRunner (3.2.1)
    NUnit.Extension.NUnitProjectLoader (3.2.1)
    NUnit.Extension.NUnitV2Driver (3.2.1)
    NUnit.Extension.NUnitV2ResultWriter (3.2.1)
    NUnit.Extension.VSProjectLoader (3.2.1)
    NUnit.Runners (3.2.1)
      NUnit.ConsoleRunner (3.2.1)
      NUnit.Extension.NUnitProjectLoader (3.2.1)
      NUnit.Extension.NUnitV2Driver (3.2.1)
      NUnit.Extension.NUnitV2ResultWriter (3.2.1)
      NUnit.Extension.VSProjectLoader (3.2.1)
    Octokit (0.19)
      Microsoft.Net.Http  - framework: net10, net11, net20, net30, net35, net40, net40-full
    Owin (1.0)
    SourceLink.Fake (1.1)
    Streams (0.4.1)
    TaskParallelLibrary (1.0.2856) - framework: net35
    Unquote (3.1.1)
    Vagabond (0.12.11)
      FsPickler (>= 2.1 < 3.0)
      Mono.Cecil (>= 0.9.6.1 < 0.9.7)
GITHUB
  remote: fsharp/FAKE
  specs:
    modules/Octokit/Octokit.fsx (26ea4dbb3d60352b88162bb32577015af2e7c44e)
      Octokit