REDIRECTS: ON
NUGET
  remote: https://www.nuget.org/api/v2
  specs:
    Argu (2.1)
    AWSSDK.Core (3.1.5.3)
      Microsoft.Net.Http (>= 2.2.29) - framework: >= net45, portable-net45+win8+wp8+wpa81
      PCLCrypto (>= 1.0.2.15130) - framework: >= net45, portable-net45+win8+wp8+wpa81
      PCLStorage (>= 1.0.2) - framework: >= net45, portable-net45+win8+wp8+wpa81
    AWSSDK.DynamoDBv2 (3.1.3)
      AWSSDK.Core (>= 3.1.4.3 < 3.2)
    AWSSDK.S3 (3.1.6.1)
      AWSSDK.Core (>= 3.1.5.3 < 3.2)
    AWSSDK.SQS (3.1.0.7)
      AWSSDK.Core (>= 3.1.4.3 < 3.2)
    FAKE (4.26)
    FsCheck (2.4)
      FSharp.Core (>= 3.1.2.5)
    FSharp.AWS.DynamoDB (0.3.0-beta)
      AWSSDK.DynamoDBv2 (>= 3.1.1.5)
      Unquote (>= 3.1.1)
    FSharp.Compiler.Service (1.3.1.2)
    FSharp.Core (4.0.0.1)
    FSharp.Formatting (2.10)
      FSharp.Compiler.Service (>= 0.0.87)
      FSharpVSPowerTools.Core (1.8)
    FSharpVSPowerTools.Core (1.8)
      FSharp.Compiler.Service (>= 0.0.87)
    FsPickler (2.1)
    FsPickler.Json (2.1)
      FsPickler (2.1)
      Newtonsoft.Json (>= 6.0.5)
    MathNet.Numerics (3.7.1)
      TaskParallelLibrary (>= 1.0.2856) - framework: net35
    MathNet.Numerics.FSharp (3.7.1)
      FSharp.Core (>= 3.1.2.1)
      MathNet.Numerics (3.7.1)
    MathNet.Numerics.MKL.Win-x64 (1.8)
      MathNet.Numerics (>= 2.4)
    MBrace.Core (1.1.8)
    MBrace.Flow (1.1.8)
      FSharp.Core (>= 3.0)
      MBrace.Core (1.1.8)
      Streams (>= 0.4 < 0.5)
    MBrace.Runtime (1.1.8)
      FsPickler (>= 2.1 < 2.2)
      FsPickler.Json (>= 2.1 < 2.2)
      MBrace.Core (1.1.8)
      Vagabond (>= 0.12.11 < 0.13)
    MBrace.Tests (1.1.8)
      FsCheck (>= 2.0.1)
      MBrace.Core (1.1.8)
      MBrace.Flow (1.1.8)
      NUnit (>= 2.6 < 3.0)
    Microsoft.Bcl (1.1.10)
      Microsoft.Bcl.Build (>= 1.0.14)
    Microsoft.Bcl.Async (1.0.168)
      Microsoft.Bcl (>= 1.1.8)
    Microsoft.Bcl.Build (1.0.21) - import_targets: false
    Microsoft.Net.Http (2.2.29) - framework: >= net10, portable-net45+win8+wp8+wpa81
      Microsoft.Bcl (>= 1.1.10)
      Microsoft.Bcl.Build (>= 1.0.14)
    Microsoft.Owin (3.0.1) - version_in_path: true
      Owin (>= 1.0)
    Microsoft.Owin.Host.SystemWeb (3.0.1)
      Microsoft.Owin (>= 3.0.1)
      Owin (>= 1.0)
    Mono.Cecil (0.9.6.1)
    Newtonsoft.Json (8.0.3)
    NuGet.CommandLine (3.4.3)
    NUnit (2.6.4)
    NUnit.ConsoleRunner (3.2.1)
    NUnit.Extension.NUnitProjectLoader (3.2.1)
    NUnit.Extension.NUnitV2Driver (3.2.1)
    NUnit.Extension.NUnitV2ResultWriter (3.2.1)
    NUnit.Extension.VSProjectLoader (3.2.1)
    NUnit.Runners (3.2.1)
      NUnit.ConsoleRunner (3.2.1)
      NUnit.Extension.NUnitProjectLoader (3.2.1)
      NUnit.Extension.NUnitV2Driver (3.2.1)
      NUnit.Extension.NUnitV2ResultWriter (3.2.1)
      NUnit.Extension.VSProjectLoader (3.2.1)
    Octokit (0.19)
      Microsoft.Net.Http  - framework: net10, net11, net20, net30, net35, net40, net40-full
    Owin (1.0) - version_in_path: true
    PCLCrypto (2.0.147) - framework: >= net45, portable-net45+win8+wp8+wpa81
      PInvoke.NCrypt (>= 0.3.2) - framework: >= net45, dnxcore50, portable-dnxcore50+monoandroid10+monotouch10+net45+unsupported+win+wpa81+xamarinios10
      Validation (>= 2.2.8)
    PCLStorage (1.0.2) - framework: >= net45, portable-net45+win8+wp8+wpa81
      Microsoft.Bcl (>= 1.1.6) - framework: net10, net11, net20, net30, net35, net40, net40-full
      Microsoft.Bcl.Async (>= 1.0.165) - framework: net10, net11, net20, net30, net35, net40, net40-full
    PInvoke.BCrypt (0.3.2) - framework: >= net45
      PInvoke.Kernel32 (>= 0.3.2) - framework: >= net40, portable-net40+win8+wpa81, portable-net45+win8+wpa81
      PInvoke.Windows.Core (>= 0.3.2) - framework: >= net40, portable-net40+win8+wpa81, portable-net45+win8+wpa81
    PInvoke.Kernel32 (0.3.2) - framework: >= net45
      PInvoke.Windows.Core (>= 0.3.2) - framework: >= net40, portable-net40+win8+wpa81, portable-net45+win8+wpa81
    PInvoke.NCrypt (0.3.2) - framework: >= net45
      PInvoke.BCrypt (>= 0.3.2) - framework: >= net40, portable-net40+win8+wpa81, portable-net45+win8+wpa81
      PInvoke.Windows.Core (>= 0.3.2) - framework: >= net40, portable-net40+win8+wpa81, portable-net45+win8+wpa81
    PInvoke.Windows.Core (0.3.2) - framework: >= net45
    SourceLink.Fake (1.1)
    Streams (0.4.1)
    System.Collections (4.0.10) - framework: dnxcore50
      System.Diagnostics.Debug (>= 4.0) - framework: dnxcore50
      System.Resources.ResourceManager (>= 4.0) - framework: dnxcore50
      System.Runtime (>= 4.0) - framework: dnxcore50
      System.Runtime (>= 4.0.20) - framework: dnxcore50
      System.Runtime.Extensions (>= 4.0) - framework: dnxcore50
      System.Threading (>= 4.0) - framework: dnxcore50
    System.Diagnostics.Debug (4.0.10)
      System.Runtime (>= 4.0) - framework: dnxcore50
    System.Diagnostics.Tools (4.0)
      System.Runtime (>= 4.0) - framework: dnxcore50
    System.Globalization (4.0.10)
      System.Runtime (>= 4.0) - framework: dnxcore50
    System.IO (4.0.10) - framework: dnxcore50
      System.Globalization (>= 4.0) - framework: dnxcore50
      System.Runtime (>= 4.0.20) - framework: dnxcore50
      System.Text.Encoding (>= 4.0) - framework: dnxcore50
      System.Text.Encoding (>= 4.0.10) - framework: dnxcore50
      System.Text.Encoding.Extensions (>= 4.0) - framework: dnxcore50
      System.Threading (>= 4.0) - framework: dnxcore50
      System.Threading.Tasks (>= 4.0) - framework: dnxcore50
    System.Linq (4.0)
      System.Collections (>= 4.0.10) - framework: dnxcore50
      System.Diagnostics.Debug (>= 4.0.10) - framework: dnxcore50
      System.Resources.ResourceManager (>= 4.0) - framework: dnxcore50
      System.Runtime (>= 4.0.20) - framework: dnxcore50
      System.Runtime.Extensions (>= 4.0.10) - framework: dnxcore50
    System.Private.Uri (4.0) - framework: dnxcore50
    System.Reflection (4.0.10)
      System.IO (>= 4.0) - framework: dnxcore50
      System.Reflection.Primitives (>= 4.0) - framework: dnxcore50
      System.Runtime (>= 4.0.20) - framework: dnxcore50
    System.Reflection.Primitives (4.0) - framework: dnxcore50
      System.Runtime (>= 4.0) - framework: dnxcore50
      System.Threading (>= 4.0) - framework: dnxcore50
    System.Resources.ResourceManager (4.0)
      System.Globalization (>= 4.0) - framework: dnxcore50
      System.Reflection (>= 4.0) - framework: dnxcore50
      System.Reflection (>= 4.0.10) - framework: dnxcore50
      System.Runtime (>= 4.0) - framework: dnxcore50
      System.Runtime (>= 4.0.20) - framework: dnxcore50
    System.Runtime (4.0.20)
      System.Private.Uri (>= 4.0) - framework: dnxcore50
    System.Runtime.Extensions (4.0.10) - framework: dnxcore50
      System.Runtime (>= 4.0.20) - framework: dnxcore50
    System.Text.Encoding (4.0.10) - framework: dnxcore50
      System.Runtime (>= 4.0) - framework: dnxcore50
    System.Text.Encoding.Extensions (4.0.10) - framework: dnxcore50
      System.Runtime (>= 4.0) - framework: dnxcore50
      System.Text.Encoding (>= 4.0.10) - framework: dnxcore50
    System.Threading (4.0.10) - framework: dnxcore50
      System.Runtime (>= 4.0) - framework: dnxcore50
      System.Threading.Tasks (>= 4.0) - framework: dnxcore50
    System.Threading.Tasks (4.0.10)
      System.Runtime (>= 4.0) - framework: dnxcore50
    TaskParallelLibrary (1.0.2856) - framework: net35
    Unquote (3.1.1)
    Vagabond (0.12.11)
      FsPickler (>= 2.1 < 3.0)
      Mono.Cecil (>= 0.9.6.1 < 0.9.7)
    Validation (2.2.8) - framework: >= net45, portable-net45+win8+wp8+wpa81
      System.Diagnostics.Debug (>= 4.0) - framework: dnxcore50
      System.Diagnostics.Tools (>= 4.0) - framework: dnxcore50
      System.Globalization (>= 4.0) - framework: dnxcore50
      System.Linq (>= 4.0) - framework: dnxcore50
      System.Reflection (>= 4.0) - framework: dnxcore50
      System.Resources.ResourceManager (>= 4.0) - framework: dnxcore50
      System.Runtime (>= 4.0) - framework: dnxcore50
      System.Threading.Tasks (>= 4.0) - framework: dnxcore50
GITHUB
  remote: fsharp/FAKE
  specs:
    modules/Octokit/Octokit.fsx (32e262c11174b196dc8af16a577c8c3aa0ab0b2b)
      Octokit